PATH
  remote: .
  specs:
    slim-embedded-minify (0.1.2)
      slim (~> 5.1)

GEM
  remote: https://rubygems.org/
  specs:
    minitest (5.18.1)
    rake (13.0.6)
    slim (5.1.1)
      temple (~> 0.10.0)
      tilt (>= 2.1.0)
    temple (0.10.2)
    tilt (2.2.0)

PLATFORMS
  x86_64-darwin-21

DEPENDENCIES
  minitest (~> 5.15)
  rake (~> 13.0)
  slim-embedded-minify!

BUNDLED WITH
   2.4.13
